ObjectType = Image
NDims = 3
BinaryData = True
BinaryDataByteOrderMSB = False
CompressedData = False
TransformMatrix = 1 0 0 0 1 0 0 0 1 
Offset = 0 0 0
CenterOfRotation = 0 0 0 
AnatomicalOrientation = LPS 
ElementSpacing = 10 10 10
DimSize = 101 101 101
ElementType = MET_UCHAR
ElementDataFile = Osteons.raw
